GEM
  specs:
    rack (2.0.1)

PLATFORMS
  ruby

DEPENDENCIES
  rack

BUNDLED WITH
   1.14.4
