GEM
  specs:
    rack (2.0.7)

PLATFORMS
  ruby

DEPENDENCIES
  rack

BUNDLED WITH
   1.17.3
